GEM
  remote: https://rubygems.org/
  specs:
    addressable (2.3.5)
    ethon (0.5.12)
      ffi (>= 1.3.0)
      mime-types (~> 1.18)
    ffi (1.9.0)
    mime-types (1.23)
    parallel (0.7.1)
    typhoeus (0.6.3)
      ethon (~> 0.5.11)

PLATFORMS
  ruby

DEPENDENCIES
  addressable
  parallel
  typhoeus
